GEM
  remote: http://rubygems.org/
  specs:
    builder (2.1.2)
    haml (3.1.1)
    maruku (0.6.0)
      syntax (>= 1.0.0)
    rack (1.3.0)
    sequel (3.23.0)
    sinatra (1.2.6)
      rack (~> 1.1)
      tilt (< 2.0, >= 1.2.2)
    sqlite3 (1.3.3)
    syntax (1.0.0)
    tilt (1.3.2)

PLATFORMS
  ruby

DEPENDENCIES
  builder
  haml
  maruku
  sequel
  sinatra
  sqlite3
  syntax
  tilt
